Brain Vision Data Exchange Header File Version 1.0
; Data created by the Vision Recorder

[Common Infos]
Codepage=UTF-8
DataFile=parser994.eeg
MarkerFile=parser994.vmrk
DataFormat=BINARY
; Data orientation: MULTIPLEXED=ch1,pt1, ch2,pt1 ...
DataOrientation=MULTIPLEXED
NumberOfChannels=32
; Sampling interval in microseconds
SamplingInterval=1000

[Binary Infos]
BinaryFormat=INT_16

[Channel Infos]
; Each entry: Ch<Channel number>=<Name>,<Reference channel name>,
; <Resolution in "Unit">,<Unit>, Future extensions..
; Fields are delimited by commas, some fields might be omitted (empty).
; Commas in channel names are coded as "\1".
Ch1=Fp1,,0.1,µV
Ch2=Fz,,0.1,µV
Ch3=F3,,0.1,µV
Ch4=F7,,0.1,µV
Ch5=FT9,,0.1,µV
Ch6=FC5,,0.1,µV
Ch7=FC1,,0.1,µV
Ch8=C3,,0.1,µV
Ch9=T7,,0.1,µV
Ch10=TP9,,0.1,µV
Ch11=CP5,,0.1,µV
Ch12=CP1,,0.1,µV
Ch13=Pz,,0.1,µV
Ch14=P3,,0.1,µV
Ch15=P7,,0.1,µV
Ch16=O1,,0.1,µV
Ch17=Oz,,0.1,µV
Ch18=O2,,0.1,µV
Ch19=P4,,0.1,µV
Ch20=P8,,0.1,µV
Ch21=TP10,,0.1,µV
Ch22=CP6,,0.1,µV
Ch23=CP2,,0.1,µV
Ch24=Cz,,0.1,µV
Ch25=C4,,0.1,µV
Ch26=T8,,0.1,µV
Ch27=FT10,,0.1,µV
Ch28=FC6,,0.1,µV
Ch29=FC2,,0.1,µV
Ch30=F4,,0.1,µV
Ch31=F8,,0.1,µV
Ch32=Fp2,,0.1,µV

[Coordinates]
; Electrode Position File: E:\CACS-32_REF.bvef
Ch1=1,-90,-72
Ch2=1,45,90
Ch3=1,-60,-51
Ch4=1,-90,-36
Ch5=1,-113,-18
Ch6=1,-69,-22
Ch7=1,-31,-46
Ch8=1,-45,0
Ch9=1,-90,0
Ch10=1,-113,18
Ch11=1,-69,21
Ch12=1,-31,46
Ch13=1,45,-90
Ch14=1,-60,51
Ch15=1,-90,36
Ch16=1,-90,72
Ch17=1,90,-90
Ch18=1,90,-72
Ch19=1,60,-51
Ch20=1,90,-36
Ch21=1,113,-18
Ch22=1,69,-21
Ch23=1,31,-46
Ch24=1,0,0
Ch25=1,45,0
Ch26=1,90,0
Ch27=1,113,18
Ch28=1,69,21
Ch29=1,31,46
Ch30=1,60,51
Ch31=1,90,36
Ch32=1,90,72

[Comment]

BrainVision Recorder Professional   -   V. 1.20.0601


A m p l i f i e r  S e t u p
============================
Number of channels: 32
Sampling Rate [Hz]: 1000
Sampling Interval [µS]: 1000

Channels
--------
#     Name      Phys. Chn.    Resolution / Unit   Low Cutoff [s]   High Cutoff [Hz]   Notch [Hz]    Series Res. [kOhm] Gradient         Offset
1     Fp1         1                0.1 µV             10             1000              Off                0                 
2     Fz          2                0.1 µV             10             1000              Off                0                 
3     F3          3                0.1 µV             10             1000              Off                0                 
4     F7          4                0.1 µV             10             1000              Off                0                 
5     FT9         5                0.1 µV             10             1000              Off                0                 
6     FC5         6                0.1 µV             10             1000              Off                0                 
7     FC1         7                0.1 µV             10             1000              Off                0                 
8     C3          8                0.1 µV             10             1000              Off                0                 
9     T7          9                0.1 µV             10             1000              Off                0                 
10    TP9         10               0.1 µV             10             1000              Off                0                 
11    CP5         11               0.1 µV             10             1000              Off                0                 
12    CP1         12               0.1 µV             10             1000              Off                0                 
13    Pz          13               0.1 µV             10             1000              Off                0                 
14    P3          14               0.1 µV             10             1000              Off                0                 
15    P7          15               0.1 µV             10             1000              Off                0                 
16    O1          16               0.1 µV             10             1000              Off                0                 
17    Oz          17               0.1 µV             10             1000              Off                0                 
18    O2          18               0.1 µV             10             1000              Off                0                 
19    P4          19               0.1 µV             10             1000              Off                0                 
20    P8          20               0.1 µV             10             1000              Off                0                 
21    TP10        21               0.1 µV             10             1000              Off                0                 
22    CP6         22               0.1 µV             10             1000              Off                0                 
23    CP2         23               0.1 µV             10             1000              Off                0                 
24    Cz          24               0.1 µV             10             1000              Off                0                 
25    C4          25               0.1 µV             10             1000              Off                0                 
26    T8          26               0.1 µV             10             1000              Off                0                 
27    FT10        27               0.1 µV             10             1000              Off                0                 
28    FC6         28               0.1 µV             10             1000              Off                0                 
29    FC2         29               0.1 µV             10             1000              Off                0                 
30    F4          30               0.1 µV             10             1000              Off                0                 
31    F8          31               0.1 µV             10             1000              Off                0                 
32    Fp2         32               0.1 µV             10             1000              Off                0                 

S o f t w a r e  F i l t e r s
==============================
Disabled


Impedances Imported from actiCAP Control Software:
Impedance [kOhm] at 14:42:37 :
Fp1:      Out of Range!
Fz:       Out of Range!
F3:       Out of Range!
F7:       Out of Range!
FT9:      Out of Range!
FC5:      Out of Range!
FC1:      Out of Range!
C3:       Out of Range!
T7:       Out of Range!
TP9:      Out of Range!
CP5:      Out of Range!
CP1:      Out of Range!
Pz:       Out of Range!
P3:       Out of Range!
P7:       Out of Range!
O1:       Out of Range!
Oz:       Out of Range!
O2:       Out of Range!
P4:       Out of Range!
P8:       Out of Range!
TP10:     Out of Range!
CP6:      Out of Range!
CP2:      Out of Range!
Cz:       Out of Range!
C4:       Out of Range!
T8:       Out of Range!
FT10:     Out of Range!
FC6:      Out of Range!
FC2:      Out of Range!
F4:       Out of Range!
F8:       Out of Range!
Fp2:      Out of Range!
Gnd:      Out of Range!
Ref:      Out of Range!
